GEM
  remote: https://rubygems.org/
  specs:
    json (2.2.0)

PLATFORMS
  ruby

DEPENDENCIES
  json (= 2.2.0)

BUNDLED WITH
   1.16.1
